GEM
  remote: https://rubygems.org/
  specs:
    oj (2.17.4)
    rack (2.0.1)

PLATFORMS
  ruby

DEPENDENCIES
  oj
  rack

BUNDLED WITH
   1.12.5
